PATH
  remote: .
  specs:
    veyor (0.2.0)
      faraday (~> 0.15.4)
      faraday_middleware (~> 0.13.1)
      multi_json (~> 1.13, >= 1.13.1)
      thor (~> 0.20.3)

GEM
  remote: https://rubygems.org/
  specs:
    codecov (0.1.14)
      json
      simplecov
      url
    docile (1.3.1)
    faraday (0.15.4)
      multipart-post (>= 1.2, < 3)
    faraday_middleware (0.13.1)
      faraday (>= 0.7.4, < 1.0)
    json (2.1.0)
    multi_json (1.13.1)
    multipart-post (2.1.1)
    power_assert (1.1.4)
    rake (12.3.3)
    simplecov (0.16.1)
      docile (~> 1.1)
      json (>= 1.8, < 3)
      simplecov-html (~> 0.10.0)
    simplecov-html (0.10.2)
    test-unit (3.3.3)
      power_assert
    thor (0.20.3)
    url (0.3.2)

PLATFORMS
  ruby

DEPENDENCIES
  bundler (~> 2.0, >= 2.0.1)
  codecov (~> 0.1.14)
  rake (~> 12.3, >= 12.3.2)
  simplecov (~> 0.16.1)
  test-unit (~> 3.3, >= 3.3.3)
  veyor!

BUNDLED WITH
   2.0.1
