PATH
  remote: .
  specs:
    veyor (0.2.0)
      faraday (~> 1.0, >= 1.0.1)
      faraday_middleware (~> 1.0)
      multi_json (~> 1.15)
      thor (~> 1.0, >= 1.0.1)

GEM
  remote: https://rubygems.org/
  specs:
    codecov (0.1.14)
      json
      simplecov
      url
    docile (1.3.1)
    faraday (1.0.1)
      multipart-post (>= 1.2, < 3)
    faraday_middleware (1.0.0)
      faraday (~> 1.0)
    json (2.3.1)
    multi_json (1.15.0)
    multipart-post (2.1.1)
    power_assert (1.2.0)
    rake (13.0.1)
    simplecov (0.16.1)
      docile (~> 1.1)
      json (>= 1.8, < 3)
      simplecov-html (~> 0.10.0)
    simplecov-html (0.10.2)
    test-unit (3.3.6)
      power_assert
    thor (1.0.1)
    url (0.3.2)

PLATFORMS
  ruby

DEPENDENCIES
  bundler (~> 2.1, >= 2.1.4)
  codecov (~> 0.1.14)
  rake (~> 13.0, >= 13.0.1)
  simplecov (~> 0.16.1)
  test-unit (~> 3.3, >= 3.3.6)
  veyor!

BUNDLED WITH
   2.1.4
